GEM
  remote: https://rubygems.org/
  specs:
    coderay (1.1.1)
    curb (0.9.3)
    gpx (0.8.2)
      nokogiri
      rake
    json (1.8.3)
    method_source (0.8.2)
    mini_portile2 (2.0.0)
    nokogiri (1.6.7.2)
      mini_portile2 (~> 2.0.0.rc2)
    pry (0.10.3)
      coderay (~> 1.1.0)
      method_source (~> 0.8.1)
      slop (~> 3.4)
    rake (11.1.2)
    rubyzip (1.2.0)
    slop (3.6.0)

PLATFORMS
  ruby

DEPENDENCIES
  curb
  gpx
  json
  pry
  rubyzip

BUNDLED WITH
   1.11.2
